GEM
  remote: http://rubygems.org/
  specs:
    terminal-notifier (1.4.2)

PLATFORMS
  ruby

DEPENDENCIES
  terminal-notifier
