GEM
  remote: http://rubygems.org/
  specs:
    prowl (0.1.3)
    terminal-notifier (1.4.2)

PLATFORMS
  ruby

DEPENDENCIES
  prowl
  terminal-notifier
