GEM
  remote: http://rubygems.org/
  specs:
    ffi (1.1.5)
    net-ldap (0.2.2)
    net-ping (1.5.3)
      ffi (>= 1.0.0)
      net-ldap (~> 0.2.2)
    prowl (0.1.3)
    terminal-notifier (1.4.2)

PLATFORMS
  ruby

DEPENDENCIES
  net-ping
  prowl
  terminal-notifier
